PATH
  remote: .
  specs:
    djatoka (0.1.0)
      addressable
      hashie
      json
      trollop

GEM
  remote: https://rubygems.org/
  specs:
    activesupport (3.2.13)
      i18n (= 0.6.1)
      multi_json (~> 1.0)
    addressable (2.3.3)
    bourne (1.4.0)
      mocha (~> 0.13.2)
    fakeweb (1.3.0)
    hashie (2.0.3)
    i18n (0.6.1)
    json (1.7.7)
    json (1.7.7-java)
    metaclass (0.0.1)
    mocha (0.13.3)
      metaclass (~> 0.0.1)
    multi_json (1.7.2)
    rake (10.0.4)
    rdoc (4.0.1)
      json (~> 1.4)
    shoulda (3.4.0)
      shoulda-context (~> 1.0, >= 1.0.1)
      shoulda-matchers (~> 1.0, >= 1.4.1)
    shoulda-context (1.0.2)
    shoulda-matchers (1.5.4)
      activesupport (>= 3.0.0)
      bourne (~> 1.3)
    trollop (2.0)

PLATFORMS
  java
  ruby

DEPENDENCIES
  djatoka!
  fakeweb
  mocha
  rake
  rdoc (>= 2.4.2)
  shoulda
