PATH
  remote: .
  specs:
    djatoka (0.2.4)
      addressable
      hashie
      json
      mime-types
      trollop

GEM
  remote: https://rubygems.org/
  specs:
    activesupport (3.2.13)
      i18n (= 0.6.1)
      multi_json (~> 1.0)
    addressable (2.3.6)
    bourne (1.4.0)
      mocha (~> 0.13.2)
    coderay (1.0.9)
    equivalent-xml (0.3.0)
      nokogiri (>= 1.4.3)
    fakeweb (1.3.0)
    ffi (1.6.0-java)
    hashie (2.1.1)
    i18n (0.6.1)
    json (1.7.7)
    json (1.7.7-java)
    metaclass (0.0.1)
    method_source (0.8.1)
    mime-types (2.2)
    mocha (0.13.3)
      metaclass (~> 0.0.1)
    multi_json (1.7.2)
    nokogiri (1.5.9)
    nokogiri (1.5.9-java)
    pry (0.9.12)
      coderay (~> 1.0.5)
      method_source (~> 0.8)
      slop (~> 3.4)
    pry (0.9.12-java)
      coderay (~> 1.0.5)
      method_source (~> 0.8)
      slop (~> 3.4)
      spoon (~> 0.0)
    rake (10.0.4)
    rb-readline (0.4.2)
    rdoc (4.0.1)
      json (~> 1.4)
    shoulda (3.4.0)
      shoulda-context (~> 1.0, >= 1.0.1)
      shoulda-matchers (~> 1.0, >= 1.4.1)
    shoulda-context (1.0.2)
    shoulda-matchers (1.5.4)
      activesupport (>= 3.0.0)
      bourne (~> 1.3)
    slop (3.4.4)
    spoon (0.0.3)
      ffi
    trollop (2.0)

PLATFORMS
  java
  ruby

DEPENDENCIES
  djatoka!
  equivalent-xml
  fakeweb
  mocha
  pry
  rake
  rb-readline
  rdoc (>= 2.4.2)
  shoulda
